GEM
  remote: https://rubygems.org/
  specs:
    debug (1.2.4)
      irb (>= 1.3.6)
      reline (>= 0.2.7)
    io-console (0.5.9)
    irb (1.3.7)
      reline (>= 0.2.7)
    reline (0.2.7)
      io-console (~> 0.5)

PLATFORMS
  ruby

DEPENDENCIES
  debug

RUBY VERSION
   ruby 2.7.4p191

BUNDLED WITH
   2.1.4
